GEM
  remote: http://rubygems.org/
  specs:
    boson (1.2.4)
    colorize (0.5.8)
    httparty (0.8.3)
      multi_json (~> 1.0)
      multi_xml
    json (1.7.3)
    multi_json (1.3.6)
    multi_xml (0.5.1)
    producteev (1.1.3)
      httparty
      json
    settingslogic (2.0.8)

PLATFORMS
  ruby

DEPENDENCIES
  boson
  colorize
  producteev
  settingslogic
